PATH
  remote: .
  specs:
    fix (1.0.0.beta3)
      defi (~> 2.0.4)
      spectus (~> 3.1.2)

GEM
  remote: https://rubygems.org/
  specs:
    ast (2.4.0)
    aw (0.1.11)
    defi (2.0.4)
      aw (~> 0.1.10)
    docile (1.3.2)
    jaro_winkler (1.5.4)
    json (2.3.0)
    matchi (2.0.0)
    parallel (1.19.1)
    parser (2.7.0.2)
      ast (~> 2.4.0)
    rainbow (3.0.0)
    rake (13.0.1)
    rubocop (0.79.0)
      jaro_winkler (~> 1.5.1)
      parallel (~> 1.10)
      parser (>= 2.7.0.1)
      rainbow (>= 2.2.2, < 4.0)
      ruby-progressbar (~> 1.7)
      unicode-display_width (>= 1.4.0, < 1.7)
    rubocop-performance (1.5.2)
      rubocop (>= 0.71.0)
    ruby-progressbar (1.10.1)
    simplecov (0.17.1)
      docile (~> 1.1)
      json (>= 1.8, < 3)
      simplecov-html (~> 0.10.0)
    simplecov-html (0.10.2)
    spectus (3.1.2)
      defi (~> 2.0.3)
      matchi (~> 2.0.0)
    unicode-display_width (1.6.0)
    yard (0.9.24)

PLATFORMS
  ruby

DEPENDENCIES
  bundler (~> 2.1)
  fix!
  rake (~> 13.0)
  rubocop (~> 0.79)
  rubocop-performance
  simplecov (~> 0.17)
  yard (~> 0.9)

BUNDLED WITH
   2.1.2
