PATH
  remote: .
  specs:
    fix (1.0.0.beta10)
      defi (~> 3.0.0)
      matchi (~> 3.3.2)
      spectus (~> 5.0.0)

GEM
  remote: https://rubygems.org/
  specs:
    ast (2.4.2)
    defi (3.0.0)
    docile (1.4.1)
    expresenter (1.4.1)
    json (2.9.1)
    language_server-protocol (3.17.0.3)
    matchi (3.3.2)
    parallel (1.26.3)
    parser (3.3.6.0)
      ast (~> 2.4.1)
      racc
    racc (1.8.1)
    rainbow (3.1.1)
    rake (13.2.1)
    regexp_parser (2.9.3)
    rubocop (1.69.2)
      json (~> 2.3)
      language_server-protocol (>= 3.17.0)
      parallel (~> 1.10)
      parser (>= 3.3.0.2)
      rainbow (>= 2.2.2, < 4.0)
      regexp_parser (>= 2.9.3, < 3.0)
      rubocop-ast (>= 1.36.2, < 2.0)
      ruby-progressbar (~> 1.7)
      unicode-display_width (>= 2.4.0, < 4.0)
    rubocop-ast (1.37.0)
      parser (>= 3.3.1.0)
    rubocop-md (1.2.4)
      rubocop (>= 1.45)
    rubocop-performance (1.23.0)
      rubocop (>= 1.48.1, < 2.0)
      rubocop-ast (>= 1.31.1, < 2.0)
    rubocop-rake (0.6.0)
      rubocop (~> 1.0)
    rubocop-thread_safety (0.6.0)
      rubocop (>= 1.48.1)
    ruby-progressbar (1.13.0)
    simplecov (0.22.0)
      docile (~> 1.1)
      simplecov-html (~> 0.11)
      simplecov_json_formatter (~> 0.1)
    simplecov-html (0.13.1)
    simplecov_json_formatter (0.1.4)
    spectus (5.0.0)
      expresenter (~> 1.4.1)
      test_tube (~> 3.0.0)
    test_tube (3.0.0)
      defi (~> 3.0.0)
    unicode-display_width (3.1.2)
      unicode-emoji (~> 4.0, >= 4.0.4)
    unicode-emoji (4.0.4)
    yard (0.9.37)

PLATFORMS
  ruby

DEPENDENCIES
  bundler
  fix!
  rake
  rubocop-md
  rubocop-performance
  rubocop-rake
  rubocop-thread_safety
  simplecov
  yard

BUNDLED WITH
   2.5.5
