PATH
  remote: .
  specs:
    fix (1.0.0.beta8)
      defi (~> 2.0.6)
      matchi (~> 3.3.0)
      spectus (~> 4.0.3)

GEM
  remote: https://rubygems.org/
  specs:
    ast (2.4.2)
    aw (0.2.0)
    defi (2.0.7)
      aw (~> 0.2.0)
    docile (1.4.0)
    expresenter (1.4.0)
    json (2.6.2)
    matchi (3.3.1)
    parallel (1.22.1)
    parser (3.1.2.0)
      ast (~> 2.4.1)
    rainbow (3.1.1)
    rake (13.0.6)
    regexp_parser (2.5.0)
    rexml (3.2.5)
    rubocop (1.33.0)
      json (~> 2.3)
      parallel (~> 1.10)
      parser (>= 3.1.0.0)
      rainbow (>= 2.2.2, < 4.0)
      regexp_parser (>= 1.8, < 3.0)
      rexml (>= 3.2.5, < 4.0)
      rubocop-ast (>= 1.19.1, < 2.0)
      ruby-progressbar (~> 1.7)
      unicode-display_width (>= 1.4.0, < 3.0)
    rubocop-ast (1.19.1)
      parser (>= 3.1.1.0)
    rubocop-md (1.0.1)
      rubocop (>= 1.0)
    rubocop-performance (1.14.3)
      rubocop (>= 1.7.0, < 2.0)
      rubocop-ast (>= 0.4.0)
    rubocop-rake (0.6.0)
      rubocop (~> 1.0)
    rubocop-thread_safety (0.4.4)
      rubocop (>= 0.53.0)
    ruby-progressbar (1.11.0)
    simplecov (0.21.2)
      docile (~> 1.1)
      simplecov-html (~> 0.11)
      simplecov_json_formatter (~> 0.1)
    simplecov-html (0.12.3)
    simplecov_json_formatter (0.1.4)
    spectus (4.0.3)
      expresenter (~> 1.4.0)
      test_tube (~> 2.1.1)
    test_tube (2.1.3)
      defi (~> 2.0.6)
    unicode-display_width (2.2.0)
    webrick (1.7.0)
    yard (0.9.28)
      webrick (~> 1.7.0)

PLATFORMS
  ruby

DEPENDENCIES
  bundler
  fix!
  rake
  rubocop-md
  rubocop-performance
  rubocop-rake
  rubocop-thread_safety
  simplecov
  yard

BUNDLED WITH
   2.3.19
